PATH
  remote: .
  specs:
    breezy_pdf (0.0.1)
      concurrent-ruby
      nokogiri

GEM
  remote: https://rubygems.org/
  specs:
    ast (2.4.0)
    concurrent-ruby (1.0.5)
    mini_portile2 (2.3.0)
    minitest (5.11.3)
    minitest-stub-const (0.6)
    nokogiri (1.8.2)
      mini_portile2 (~> 2.3.0)
    parallel (1.12.1)
    parser (2.5.0.5)
      ast (~> 2.4.0)
    powerpack (0.1.1)
    rack (2.0.4)
    rack-test (0.8.3)
      rack (>= 1.0, < 3)
    rainbow (2.2.2)
      rake
    rake (10.5.0)
    rubocop (0.49.0)
      parallel (~> 1.10)
      parser (>= 2.3.3.1, < 3.0)
      powerpack (~> 0.1)
      rainbow (>= 1.99.1, < 3.0)
      ruby-progressbar (~> 1.7)
      unicode-display_width (~> 1.0, >= 1.0.1)
    ruby-progressbar (1.9.0)
    unicode-display_width (1.3.0)

PLATFORMS
  ruby

DEPENDENCIES
  breezy_pdf!
  bundler (~> 1.16)
  minitest (~> 5.0)
  minitest-stub-const
  rack-test
  rake (~> 10.0)
  rubocop (= 0.49)

BUNDLED WITH
   1.16.0
